GEM
  remote: http://rubygems.org/
  specs:
    addressable (2.2.7)
    chunky_png (1.2.5)
    compass (0.11.7)
      chunky_png (~> 1.2)
      fssm (>= 0.2.7)
      sass (~> 3.1)
    compass-normalize (1.1.1)
      compass (>= 0.11.5)
    em-websocket (0.3.6)
      addressable (>= 2.1.1)
      eventmachine (>= 0.12.9)
    eventmachine (0.12.10)
    ffi (1.0.11)
    fssm (0.2.8.1)
    guard (1.0.0)
      ffi (>= 0.5.0)
      thor (~> 0.14.6)
    guard-livereload (0.4.2)
      em-websocket (>= 0.2.0)
      guard (>= 0.10.0)
      multi_json (~> 1.0)
    guard-shell (0.4.0)
      guard (>= 0.2.0)
    haml (3.1.4)
    multi_json (1.2.0)
    rake (0.9.2.2)
    sass (3.1.15)
    thor (0.14.6)
    tilt (1.3.3)

PLATFORMS
  ruby

DEPENDENCIES
  compass (~> 0.11.7)
  compass-normalize
  guard (~> 1.0.0)
  guard-livereload
  guard-shell
  haml (= 3.1.4)
  rake
  tilt (~> 1.3.3)
